GEM
  remote: https://rubygems.org/
  specs:
    asciidoctor (2.0.12)
    asciidoctor-plantuml (0.0.13)
      asciidoctor (>= 1.5.6, < 3.0.0)

PLATFORMS
  x64-mingw32

DEPENDENCIES
  asciidoctor (~> 2.0, >= 2.0.12)
  asciidoctor-plantuml

BUNDLED WITH
   2.1.4
